GEM
  remote: https://rubygems.org/
  specs:
    addressable (2.6.0)
      public_suffix (>= 2.0.2, < 4.0)
    ast (2.4.0)
    capybara (3.26.0)
      addressable
      mini_mime (>= 0.1.3)
      nokogiri (~> 1.8)
      rack (>= 1.6.0)
      rack-test (>= 0.6.3)
      regexp_parser (~> 1.5)
      xpath (~> 3.2)
    childprocess (1.0.1)
      rake (< 13.0)
    coderay (1.1.2)
    jaro_winkler (1.5.3)
    method_source (0.9.2)
    mini_mime (1.0.2)
    mini_portile2 (2.4.0)
    nokogiri (1.10.3)
      mini_portile2 (~> 2.4.0)
    parallel (1.17.0)
    parser (2.6.3.0)
      ast (~> 2.4.0)
    pry (0.12.2)
      coderay (~> 1.1.0)
      method_source (~> 0.9.0)
    public_suffix (3.1.1)
    rack (2.2.3)
    rack-test (1.1.0)
      rack (>= 1.0, < 3)
    rainbow (3.0.0)
    rake (12.3.3)
    regexp_parser (1.6.0)
    rubocop (0.73.0)
      jaro_winkler (~> 1.5.1)
      parallel (~> 1.10)
      parser (>= 2.6)
      rainbow (>= 2.2.2, < 4.0)
      ruby-progressbar (~> 1.7)
      unicode-display_width (>= 1.4.0, < 1.7)
    ruby-progressbar (1.10.1)
    rubyzip (1.2.3)
    selenium-webdriver (3.142.3)
      childprocess (>= 0.5, < 2.0)
      rubyzip (~> 1.2, >= 1.2.2)
    unicode-display_width (1.6.0)
    xpath (3.2.0)
      nokogiri (~> 1.8)

PLATFORMS
  ruby

DEPENDENCIES
  capybara
  pry
  rubocop
  selenium-webdriver

BUNDLED WITH
   1.17.3
